PATH
  remote: .
  specs:
    ons-jwe (0.0.0)
      json-jwt (~> 1, >= 1.6.3)

GEM
  remote: https://rubygems.org/
  specs:
    activesupport (5.0.0)
      concurrent-ruby (~> 1.0, >= 1.0.2)
      i18n (~> 0.7)
      minitest (~> 5.1)
      tzinfo (~> 1.1)
    ast (2.3.0)
    bindata (2.3.1)
    concurrent-ruby (1.0.2)
    i18n (0.7.0)
    json-jwt (1.6.3)
      activesupport
      bindata
      multi_json (>= 1.3)
      securecompare
      url_safe_base64
    minitest (5.9.0)
    multi_json (1.12.1)
    parser (2.3.1.2)
      ast (~> 2.2)
    power_assert (0.3.0)
    powerpack (0.1.1)
    rainbow (2.1.0)
    rake (11.2.2)
    rubocop (0.42.0)
      parser (>= 2.3.1.1, < 3.0)
      powerpack (~> 0.1)
      rainbow (>= 1.99.1, < 3.0)
      ruby-progressbar (~> 1.7)
      unicode-display_width (~> 1.0, >= 1.0.1)
    ruby-progressbar (1.8.1)
    securecompare (1.0.0)
    test-unit (3.2.1)
      power_assert
    thread_safe (0.3.5)
    tzinfo (1.2.2)
      thread_safe (~> 0.1)
    unicode-display_width (1.1.0)
    url_safe_base64 (0.2.2)

PLATFORMS
  ruby

DEPENDENCIES
  ons-jwe!
  rake (~> 11, >= 11.1.2)
  rubocop (~> 0, >= 0.42.0)
  test-unit (~> 3, >= 3.1.9)

BUNDLED WITH
   1.12.5
